GEM
  remote: http://rubygems.org/
  specs:
    puma (2.14.0)
    rack (1.6.4)

PLATFORMS
  ruby

DEPENDENCIES
  puma
  rack

BUNDLED WITH
   1.10.6
